GEM
  remote: https://rubygems.org/
  specs:
    dotenv (2.0.2)
    pg (0.18.3)
    sequel (4.28.0)

PLATFORMS
  ruby

DEPENDENCIES
  dotenv
  pg
  sequel

BUNDLED WITH
   1.10.6
