GEM
  remote: https://rubygems.org/
  specs:
    chronic (0.10.2)
    dotenv (2.0.2)
    foreman (0.78.0)
      thor (~> 0.19.1)
    nap (1.0.0)
    pg (0.18.3)
    rack (1.6.4)
    rack-protection (1.5.3)
      rack
    sequel (4.28.0)
    sinatra (1.4.6)
      rack (~> 1.4)
      rack-protection (~> 1.4)
      tilt (>= 1.3, < 3)
    thor (0.19.1)
    tilt (2.0.1)

PLATFORMS
  ruby

DEPENDENCIES
  chronic
  dotenv
  foreman
  nap
  pg
  sequel
  sinatra

BUNDLED WITH
   1.10.6
